PATH
  remote: .
  specs:
    twilio_mock (0.4.6)
      twilio-ruby (~> 5.31, >= 5.31.1)
      webmock (~> 3.0, >= 2)

GEM
  remote: https://rubygems.org/
  specs:
    addressable (2.7.0)
      public_suffix (>= 2.0.2, < 5.0)
    crack (0.4.3)
      safe_yaml (~> 1.0.0)
    diff-lcs (1.3)
    docile (1.1.5)
    faraday (0.17.1)
      multipart-post (>= 1.2, < 3)
    hashdiff (1.0.0)
    json (2.1.0)
    jwt (2.2.1)
    mini_portile2 (2.8.0)
    multipart-post (2.1.1)
    nokogiri (1.13.3)
      mini_portile2 (~> 2.8.0)
      racc (~> 1.4)
    public_suffix (4.0.1)
    racc (1.6.0)
    rake (12.3.3)
    rspec (3.6.0)
      rspec-core (~> 3.6.0)
      rspec-expectations (~> 3.6.0)
      rspec-mocks (~> 3.6.0)
    rspec-core (3.6.0)
      rspec-support (~> 3.6.0)
    rspec-expectations (3.6.0)
      diff-lcs (>= 1.2.0, < 2.0)
      rspec-support (~> 3.6.0)
    rspec-mocks (3.6.0)
      diff-lcs (>= 1.2.0, < 2.0)
      rspec-support (~> 3.6.0)
    rspec-support (3.6.0)
    safe_yaml (1.0.5)
    simplecov (0.15.1)
      docile (~> 1.1.0)
      json (>= 1.8, < 3)
      simplecov-html (~> 0.10.0)
    simplecov-html (0.10.2)
    twilio-ruby (5.31.1)
      faraday (~> 0.9)
      jwt (>= 1.5, <= 2.5)
      nokogiri (>= 1.6, < 2.0)
    webmock (3.7.6)
      addressable (>= 2.3.6)
      crack (>= 0.3.2)
      hashdiff (>= 0.4.0, < 2.0.0)

PLATFORMS
  ruby

DEPENDENCIES
  rake (~> 12.3.3)
  rspec (~> 3.6.0)
  simplecov (~> 0.15.1)
  twilio_mock!

BUNDLED WITH
   1.17.2
