PATH
  remote: .
  specs:
    twilio_mock (0.4.6)
      twilio-ruby (~> 5.31, >= 5.31.1)
      webmock (~> 3.0, >= 2)

GEM
  remote: https://rubygems.org/
  specs:
    addressable (2.7.0)
      public_suffix (>= 2.0.2, < 5.0)
    ast (2.4.2)
    crack (0.4.3)
      safe_yaml (~> 1.0.0)
    diff-lcs (1.3)
    docile (1.1.5)
    faraday (0.17.1)
      multipart-post (>= 1.2, < 3)
    hashdiff (1.0.0)
    json (2.1.0)
    jwt (2.2.1)
    mini_portile2 (2.8.1)
    multipart-post (2.1.1)
    nokogiri (1.14.3)
      mini_portile2 (~> 2.8.0)
      racc (~> 1.4)
    parallel (1.23.0)
    parser (3.2.2.1)
      ast (~> 2.4.1)
    public_suffix (4.0.1)
    racc (1.6.2)
    rainbow (3.1.1)
    rake (12.3.3)
    regexp_parser (2.8.0)
    rexml (3.2.5)
    rspec (3.6.0)
      rspec-core (~> 3.6.0)
      rspec-expectations (~> 3.6.0)
      rspec-mocks (~> 3.6.0)
    rspec-core (3.6.0)
      rspec-support (~> 3.6.0)
    rspec-expectations (3.6.0)
      diff-lcs (>= 1.2.0, < 2.0)
      rspec-support (~> 3.6.0)
    rspec-mocks (3.6.0)
      diff-lcs (>= 1.2.0, < 2.0)
      rspec-support (~> 3.6.0)
    rspec-support (3.6.0)
    rubocop (1.29.1)
      parallel (~> 1.10)
      parser (>= 3.1.0.0)
      rainbow (>= 2.2.2, < 4.0)
      regexp_parser (>= 1.8, < 3.0)
      rexml (>= 3.2.5, < 4.0)
      rubocop-ast (>= 1.17.0, < 2.0)
      ruby-progressbar (~> 1.7)
      unicode-display_width (>= 1.4.0, < 3.0)
    rubocop-ast (1.28.1)
      parser (>= 3.2.1.0)
    rubocop-performance (1.13.3)
      rubocop (>= 1.7.0, < 2.0)
      rubocop-ast (>= 0.4.0)
    ruby-progressbar (1.13.0)
    safe_yaml (1.0.5)
    simplecov (0.15.1)
      docile (~> 1.1.0)
      json (>= 1.8, < 3)
      simplecov-html (~> 0.10.0)
    simplecov-html (0.10.2)
    standard (1.12.1)
      rubocop (= 1.29.1)
      rubocop-performance (= 1.13.3)
    twilio-ruby (5.31.1)
      faraday (~> 0.9)
      jwt (>= 1.5, <= 2.5)
      nokogiri (>= 1.6, < 2.0)
    unicode-display_width (2.4.2)
    webmock (3.7.6)
      addressable (>= 2.3.6)
      crack (>= 0.3.2)
      hashdiff (>= 0.4.0, < 2.0.0)

PLATFORMS
  ruby

DEPENDENCIES
  rake (~> 12.3.3)
  rspec (~> 3.6.0)
  simplecov (~> 0.15.1)
  standard
  twilio_mock!

BUNDLED WITH
   1.17.2
